PATH
  remote: .
  specs:
    todolist_project (1.0.0)

GEM
  remote: http://rubygems.org/
  specs:
    ansi (1.5.0)
    builder (3.2.3)
    minitest (5.10.3)
    minitest-reporters (1.3.0)
      ansi
      builder
      minitest (>= 5.0)
      ruby-progressbar
    rake (12.3.3)
    ruby-progressbar (1.9.0)
    stamp (0.6.0)

PLATFORMS
  ruby

DEPENDENCIES
  minitest (~> 5.10.1)
  minitest-reporters (~> 1.3.0)
  rake
  stamp (~> 0.6.0)
  todolist_project!

RUBY VERSION
   ruby 2.2.0p0

BUNDLED WITH
   1.16.2
